PATH
  remote: .
  specs:
    github_post_receive_server (0.0.2)
      rack

GEM
  remote: https://rubygems.org/
  specs:
    bacon (1.2.0)
    rack (2.0.8)
    rake (10.0.3)

PLATFORMS
  ruby

DEPENDENCIES
  bacon
  github_post_receive_server!
  rake
