PATH
  remote: .
  specs:
    github_post_receive_server (0.0.3)
      rack

GEM
  remote: https://rubygems.org/
  specs:
    bacon (1.2.0)
    rack (2.2.3)
    rake (13.0.1)

PLATFORMS
  ruby

DEPENDENCIES
  bacon
  github_post_receive_server!
  rake

BUNDLED WITH
   2.0.1
